PATH
  remote: .
  specs:
    mida (0.3.8)
      addressable (~> 2.3.8)
      blankslate (= 3.1.3)
      nokogiri (>= 1.6)

GEM
  remote: https://rubygems.org/
  specs:
    addressable (2.3.8)
    blankslate (3.1.3)
    diff-lcs (1.1.3)
    mini_portile (0.6.2)
    nokogiri (1.6.6.3)
      mini_portile (~> 0.6.0)
    rake (10.1.0)
    rspec (2.10.0)
      rspec-core (~> 2.10.0)
      rspec-expectations (~> 2.10.0)
      rspec-mocks (~> 2.10.0)
    rspec-core (2.10.1)
    rspec-expectations (2.10.0)
      diff-lcs (~> 1.1.3)
    rspec-mocks (2.10.1)

PLATFORMS
  ruby

DEPENDENCIES
  bundler (~> 1.6)
  mida!
  rake
  rspec (~> 2.10.0)

BUNDLED WITH
   1.10.6
