PATH
  remote: .
  specs:
    mida (0.3.4)
      mida_vocabulary (>= 0.1)
      nokogiri (>= 1.5)

GEM
  remote: http://rubygems.org/
  specs:
    ZenTest (4.6.2)
    autotest (4.4.6)
      ZenTest (>= 4.4.1)
    blankslate (2.1.2.4)
    diff-lcs (1.1.3)
    mida_vocabulary (0.1)
      blankslate
    nokogiri (1.5.0)
    rake (0.9.2.2)
    rspec (2.8.0)
      rspec-core (~> 2.8.0)
      rspec-expectations (~> 2.8.0)
      rspec-mocks (~> 2.8.0)
    rspec-core (2.8.0)
    rspec-expectations (2.8.0)
      diff-lcs (~> 1.1.2)
    rspec-mocks (2.8.0)

PLATFORMS
  ruby

DEPENDENCIES
  autotest
  bundler
  mida!
  rake
  rspec (~> 2.8.0)
