PATH
  remote: .
  specs:
    mida (0.3.3)
      blankslate (= 2.1.2.4)
      nokogiri (>= 1.5)

GEM
  remote: https://rubygems.org/
  specs:
    blankslate (2.1.2.4)
    diff-lcs (1.1.3)
    nokogiri (1.5.9)
    rake (10.0.4)
    rspec (2.10.0)
      rspec-core (~> 2.10.0)
      rspec-expectations (~> 2.10.0)
      rspec-mocks (~> 2.10.0)
    rspec-core (2.10.1)
    rspec-expectations (2.10.0)
      diff-lcs (~> 1.1.3)
    rspec-mocks (2.10.1)

PLATFORMS
  ruby

DEPENDENCIES
  bundler (~> 1.3)
  mida!
  rake
  rspec (~> 2.10.0)
